GEM
  remote: https://rubygems.org/
  specs:
    excon (0.87.0)
    rake (13.0.6)

PLATFORMS
  ruby
  x86_64-linux

DEPENDENCIES
  excon
  rake

BUNDLED WITH
   2.3.10
